PATH
  remote: .
  specs:
    jdbc (0.1.0-java)

GEM
  remote: https://rubygems.org/
  specs:
    ast (2.3.0)
    coderay (1.1.1)
    concurrent-ruby (1.0.4-java)
    diff-lcs (1.3)
    docile (1.1.5)
    dry-configurable (0.5.0)
      concurrent-ruby (~> 1.0)
    dry-container (0.6.0)
      concurrent-ruby (~> 1.0)
      dry-configurable (~> 0.1, >= 0.1.3)
    dry-core (0.2.4)
      concurrent-ruby (~> 1.0)
    dry-equalizer (0.2.0)
    dry-logic (0.4.1)
      dry-container (~> 0.2, >= 0.2.6)
      dry-core (~> 0.2)
      dry-equalizer (~> 0.2)
    dry-types (0.9.4)
      concurrent-ruby (~> 1.0)
      dry-configurable (~> 0.1)
      dry-container (~> 0.3)
      dry-core (~> 0.2, >= 0.2.1)
      dry-equalizer (~> 0.2)
      dry-logic (~> 0.4, >= 0.4.0)
      inflecto (~> 0.0.0, >= 0.0.2)
    dry-validation (0.10.5)
      concurrent-ruby (~> 1.0)
      dry-configurable (~> 0.1, >= 0.1.3)
      dry-core (~> 0.2, >= 0.2.1)
      dry-equalizer (~> 0.2)
      dry-logic (~> 0.4, >= 0.4.0)
      dry-types (~> 0.9, >= 0.9.0)
    ffi (1.9.17-java)
    hucpa (0.2.2-java)
      dry-validation (~> 0.10)
    inflecto (0.0.2)
    jdbc-postgres (9.4.1206)
    json (2.0.3-java)
    method_source (0.8.2)
    parser (2.3.3.1)
      ast (~> 2.2)
    powerpack (0.1.1)
    pry (0.10.4-java)
      coderay (~> 1.1.0)
      method_source (~> 0.8.1)
      slop (~> 3.4)
      spoon (~> 0.0)
    rainbow (2.2.1)
    rake (12.0.0)
    rspec (3.5.0)
      rspec-core (~> 3.5.0)
      rspec-expectations (~> 3.5.0)
      rspec-mocks (~> 3.5.0)
    rspec-core (3.5.4)
      rspec-support (~> 3.5.0)
    rspec-expectations (3.5.0)
      diff-lcs (>= 1.2.0, < 2.0)
      rspec-support (~> 3.5.0)
    rspec-mocks (3.5.0)
      diff-lcs (>= 1.2.0, < 2.0)
      rspec-support (~> 3.5.0)
    rspec-support (3.5.0)
    rubocop (0.47.1)
      parser (>= 2.3.3.1, < 3.0)
      powerpack (~> 0.1)
      rainbow (>= 1.99.1, < 3.0)
      ruby-progressbar (~> 1.7)
      unicode-display_width (~> 1.0, >= 1.0.1)
    ruby-progressbar (1.8.1)
    simplecov (0.13.0)
      docile (~> 1.1.0)
      json (>= 1.8, < 3)
      simplecov-html (~> 0.10.0)
    simplecov-html (0.10.0)
    slop (3.6.0)
    spoon (0.0.6)
      ffi
    unicode-display_width (1.1.3)

PLATFORMS
  java

DEPENDENCIES
  bundler (~> 1.13)
  hucpa (~> 0)
  jdbc!
  jdbc-postgres (~> 9.4)
  pry (~> 0)
  rake (~> 12.0)
  rspec (~> 3.5)
  rubocop (~> 0)
  simplecov (~> 0)

BUNDLED WITH
   1.13.7
